GEM
  remote: http://rubygems.org/
  specs:
    dbd-pg (0.3.9)
      dbi (>= 0.4.0)
      pg
    dbi (0.4.5)
      deprecated (= 2.0.1)
    deprecated (2.0.1)
    pg (0.11.0)

PLATFORMS
  ruby

DEPENDENCIES
  dbd-pg
  dbi
  pg
